GEM
  remote: https://rubygems.org/
  specs:
    yql-query (1.1.1)

PLATFORMS
  ruby

DEPENDENCIES
  yql-query
